GEM
  remote: https://rubygems.org/
  specs:
    docile (1.1.5)
    json (2.6.2)
    minitest (5.10.1)
    simplecov (0.12.0)
      docile (~> 1.1.0)
      json (>= 1.8, < 3)
      simplecov-html (~> 0.10.0)
    simplecov-html (0.10.0)

PLATFORMS
  ruby

DEPENDENCIES
  minitest
  simplecov

BUNDLED WITH
   1.12.5
